PATH
  remote: .
  specs:
    CAIC_Forecast (0.1.0)

GEM
  remote: https://rubygems.org/
  specs:
    mini_portile2 (2.4.0)
    nokogiri (1.10.3)
      mini_portile2 (~> 2.4.0)
    rake (10.5.0)

PLATFORMS
  ruby

DEPENDENCIES
  CAIC_Forecast!
  bundler (~> 2.0)
  nokogiri
  rake (~> 10.0)

BUNDLED WITH
   2.0.1
